GIT
  remote: git://github.com/couchrest/couchrest_model.git
  revision: 958616025db74bdea252e3108112c0afa439b439
  specs:
    couchrest_model (1.0.0.beta8)
      activemodel (~> 3.0.0.rc)
      couchrest (~> 1.0.1)
      mime-types (~> 1.15)
      railties (~> 3.0.0.rc)
      tzinfo (~> 0.3.22)

GIT
  remote: git://github.com/dpree/treedisha.git
  revision: 926c6bb92b24972da1cad1b8cf27c32c13096674
  specs:
    treedisha (0.0.1)

GEM
  remote: http://rubygems.org/
  remote: http://rubygems.org/
  specs:
    abstract (1.0.0)
    actionpack (3.0.3)
      activemodel (= 3.0.3)
      activesupport (= 3.0.3)
      builder (~> 2.1.2)
      erubis (~> 2.6.6)
      i18n (~> 0.4)
      rack (~> 1.2.1)
      rack-mount (~> 0.6.13)
      rack-test (~> 0.5.6)
      tzinfo (~> 0.3.23)
    activemodel (3.0.3)
      activesupport (= 3.0.3)
      builder (~> 2.1.2)
      i18n (~> 0.4)
    activesupport (3.0.3)
    builder (2.1.2)
    couchrest (1.0.1)
      json (>= 1.4.6)
      mime-types (>= 1.15)
      rest-client (>= 1.5.1)
    diff-lcs (1.1.2)
    erubis (2.6.6)
      abstract (>= 1.0.0)
    git (1.2.5)
    i18n (0.5.0)
    jeweler (1.5.1)
      bundler (~> 1.0.0)
      git (>= 1.2.5)
      rake
    json (1.4.6)
    mime-types (1.16)
    rack (1.2.1)
    rack-mount (0.6.13)
      rack (>= 1.0.0)
    rack-test (0.5.6)
      rack (>= 1.0)
    railties (3.0.3)
      actionpack (= 3.0.3)
      activesupport (= 3.0.3)
      rake (>= 0.8.7)
      thor (~> 0.14.4)
    rake (0.8.7)
    rest-client (1.6.1)
      mime-types (>= 1.16)
    rspec (2.3.0)
      rspec-core (~> 2.3.0)
      rspec-expectations (~> 2.3.0)
      rspec-mocks (~> 2.3.0)
    rspec-core (2.3.0)
    rspec-expectations (2.3.0)
      diff-lcs (~> 1.1.2)
    rspec-mocks (2.3.0)
    thor (0.14.6)
    tzinfo (0.3.23)

PLATFORMS
  ruby

DEPENDENCIES
  couchrest
  couchrest_model!
  jeweler
  json
  rspec
  thor
  treedisha!
